PATH
  remote: .
  specs:
    to_xls-rails (1.1.1)
      spreadsheet (~> 0.6.5)

GEM
  remote: http://rubygems.org/
  specs:
    ruby-ole (1.2.11.1)
    spreadsheet (0.6.5.5)
      ruby-ole (>= 1.0)

PLATFORMS
  ruby

DEPENDENCIES
  spreadsheet (~> 0.6.5)
  to_xls-rails!
