PATH
  remote: .
  specs:
    to_xls-rails (1.1.3)
      spreadsheet (= 0.7.7)

GEM
  remote: http://rubygems.org/
  specs:
    ruby-ole (1.2.11.6)
    spreadsheet (0.7.7)
      ruby-ole (>= 1.0)

PLATFORMS
  ruby

DEPENDENCIES
  spreadsheet (= 0.7.7)
  to_xls-rails!
